GIT
  remote: https://github.com/wbzyl/rack-codehighlighter.git
  revision: 8160893529c68cb7692dc60f6a9140d8e46648cf
  specs:
    rack-codehighlighter (0.5.0)
      nokogiri (>= 1.4.1)
      rack (>= 1.0.0)

GEM
  remote: http://rubygems.org/
  specs:
    addressable (2.2.6)
    builder (3.0.0)
    coderay (0.9.8)
    faraday (0.7.5)
      addressable (~> 2.2.6)
      multipart-post (~> 1.1.3)
      rack (>= 1.1.0, < 2)
    faraday_middleware (0.7.0)
      faraday (~> 0.7.3)
    hashie (1.1.0)
    multi_json (1.0.3)
    multi_xml (0.4.1)
    multipart-post (1.1.3)
    newrelic_rpm (3.3.2.1)
    nokogiri (1.5.0)
    oauth (0.4.5)
    rack (1.3.2)
    rdiscount (1.6.8)
    simple_oauth (0.1.5)
    toto (0.4.9)
      builder
      rack
      rdiscount
    twitter (1.7.2)
      faraday (~> 0.7.4)
      faraday_middleware (~> 0.7.0)
      hashie (~> 1.1.0)
      multi_json (~> 1.0.0)
      multi_xml (~> 0.4.0)
      simple_oauth (~> 0.1.5)

PLATFORMS
  ruby

DEPENDENCIES
  builder
  coderay
  newrelic_rpm
  oauth
  rack-codehighlighter!
  rdiscount
  toto
  twitter
