GIT
  remote: https://github.com/seanlin/toto.git
  revision: 25e786ef07aa7c806f302873d7d9151dde03bca2
  specs:
    toto (0.4.9)
      builder
      rack
      rdiscount

GIT
  remote: https://github.com/wbzyl/rack-codehighlighter.git
  revision: 8160893529c68cb7692dc60f6a9140d8e46648cf
  specs:
    rack-codehighlighter (0.5.0)
      nokogiri (>= 1.4.1)
      rack (>= 1.0.0)

GEM
  remote: http://rubygems.org/
  specs:
    builder (3.0.0)
    coderay (0.9.8)
    nokogiri (1.5.0)
    rack (1.3.2)
    rdiscount (1.6.8)

PLATFORMS
  ruby

DEPENDENCIES
  builder
  coderay
  rack-codehighlighter!
  rdiscount
  toto!
